PATH
  remote: .
  specs:
    recipe-grater (0.1.1)

GEM
  remote: https://rubygems.org/
  specs:
    coderay (1.1.1)
    method_source (0.8.2)
    mini_portile (0.6.2)
    nokogiri (1.6.6.2)
      mini_portile (~> 0.6.0)
    pry (0.10.4)
      coderay (~> 1.1.0)
      method_source (~> 0.8.1)
      slop (~> 3.4)
    rake (10.5.0)
    rspec (0.9.4)
    slop (3.6.0)

PLATFORMS
  ruby

DEPENDENCIES
  bundler (~> 1.14)
  nokogiri (= 1.6.6.2)
  pry (~> 0)
  rake (~> 10.0)
  recipe-grater!
  rspec (~> 0)

BUNDLED WITH
   1.14.6
