PATH
  remote: .
  specs:
    recipe-grater (0.1.3)
      bundler (~> 1.14)
      nokogiri (= 1.7.1)
      rake (~> 10.0)

GEM
  remote: https://rubygems.org/
  specs:
    mini_portile2 (2.1.0)
    nokogiri (1.7.1)
      mini_portile2 (~> 2.1.0)
    rake (10.5.0)

PLATFORMS
  ruby

DEPENDENCIES
  recipe-grater!

BUNDLED WITH
   1.14.6
